PATH
  remote: .
  specs:
    runeblog (0.1.62)
      livetext (~> 0.8, >= 0.8.72)
      rubytext (~> 0.1, >= 0.1.16)

GEM
  remote: https://rubygems.org/
  specs:
    curses (1.2.7)
    livetext (0.8.72)
    minitest (5.11.3)
    minitest-fail-fast (0.1.0)
      minitest (~> 5)
    rake (13.0.1)
    rubytext (0.1.16)
      curses (~> 1.2, >= 1.2.5)

PLATFORMS
  ruby

DEPENDENCIES
  curses (= 1.2.7)
  livetext (~> 0.8)
  minitest
  minitest-fail-fast
  rake
  rubytext (= 0.1.16)
  runeblog!

BUNDLED WITH
   2.0.1
